GEM
  remote: https://rubygems.org/
  specs:
    rainbow (3.1.1)

PLATFORMS
  arm64-darwin-24
  ruby

DEPENDENCIES
  rainbow (~> 3.1)

BUNDLED WITH
   2.6.5
